REDIRECTS: ON
FRAMEWORK: NET46
NUGET
  remote: https://www.nuget.org/api/v2
    Crc32C.NET (1.0.5)
    FSharp.Control.AsyncSeq (2.0.12)
    FSharp.Core (4.2.2)
    Kafunk (0.1.4)
      FSharp.Control.AsyncSeq
      Snappy.NET
    Newtonsoft.Json (10.0.3)
    NuGet.CommandLine (4.1)
    Snappy.NET (1.1.1.8)
      Crc32C.NET (>= 1.0.5)
    Suave (2.1.1)
      FSharp.Core (>= 4.0.0.1)
    xunit (2.2)
      xunit.assert (2.2)
      xunit.core (2.2)
    xunit.abstractions (2.0.1)
    xunit.assert (2.2)
    xunit.core (2.2)
      xunit.extensibility.core (2.2)
      xunit.extensibility.execution (2.2)
    xunit.extensibility.core (2.2)
      xunit.abstractions (>= 2.0.1)
    xunit.extensibility.execution (2.2)
      xunit.extensibility.core (2.2)
    xunit.runner.visualstudio (2.2.0) - version_in_path: true
