REDIRECTS: ON
FRAMEWORK: NET46
NUGET
  remote: https://www.nuget.org/api/v2
    FSharp.Control.AsyncSeq (2.0.12)
    FSharp.Core (4.2.1)
    Kafunk (0.1)
      FSharp.Control.AsyncSeq
    Newtonsoft.Json (10.0.2)
    NuGet.CommandLine (4.1)
    Suave (2.1)
      FSharp.Core (>= 4.0.0.1)
    xunit (2.2)
      xunit.assert (2.2)
      xunit.core (2.2)
    xunit.abstractions (2.0.1)
    xunit.assert (2.2)
    xunit.core (2.2)
      xunit.extensibility.core (2.2)
      xunit.extensibility.execution (2.2)
    xunit.extensibility.core (2.2)
      xunit.abstractions (>= 2.0.1)
    xunit.extensibility.execution (2.2)
      xunit.extensibility.core (2.2)
    xunit.runner.visualstudio (2.2.0) - version_in_path: true
